GEM
  remote: http://rubygems.org/
  specs:
    backports (3.6.4)
    bson (4.2.0)
    coderay (1.1.0)
    hashie (3.3.2)
    method_source (0.8.2)
    mongo (2.4.0)
      bson (~> 4.2.0)
    multi_json (1.10.1)
    oauth (0.4.7)
    omniauth (1.2.2)
      hashie (>= 1.2, < 4)
      rack (~> 1.0)
    omniauth-oauth (1.0.1)
      oauth
      omniauth (~> 1.0)
    omniauth-twitter (1.1.0)
      multi_json (~> 1.3)
      omniauth-oauth (~> 1.0)
    pry (0.10.1)
      coderay (~> 1.1.0)
      method_source (~> 0.8.1)
      slop (~> 3.4)
    rack (1.5.2)
    rack-protection (1.5.3)
      rack
    rack-test (0.6.2)
      rack (>= 1.0)
    sinatra (1.4.5)
      rack (~> 1.4)
      rack-protection (~> 1.4)
      tilt (~> 1.3, >= 1.3.4)
    sinatra-contrib (1.4.2)
      backports (>= 2.0)
      multi_json
      rack-protection
      rack-test
      sinatra (~> 1.4.0)
      tilt (~> 1.3)
    slop (3.6.0)
    tilt (1.4.1)

PLATFORMS
  ruby

DEPENDENCIES
  bundler (= 1.11.2)
  mongo (~> 2.4)
  omniauth (~> 1.2.2)
  omniauth-twitter (~> 1.1.0)
  pry (~> 0.10.1)
  sinatra (~> 1.4.5)
  sinatra-contrib (~> 1.4.2)

BUNDLED WITH
   1.11.2
